PATH
  remote: gems
  specs:
    rubyslim (0.1.1)

PATH
  remote: gems
  specs:
    cukable (0.1.2.beta)
      cucumber
      diff-lcs
      json

GEM
  remote: http://rubygems.org/
  specs:
    builder (3.0.0)
    cucumber (1.0.0)
      builder (>= 2.1.2)
      diff-lcs (>= 1.1.2)
      gherkin (~> 2.4.1)
      json (>= 1.4.6)
      term-ansicolor (>= 1.0.5)
    diff-lcs (1.1.2)
    gherkin (2.4.2)
      json (>= 1.4.6)
    json (1.5.3)
    term-ansicolor (1.0.5)

PLATFORMS
  ruby

DEPENDENCIES
  cukable (= 0.1.2.beta)!
  rubyslim (= 0.1.1)!
