PATH
  remote: ../gems
  specs:
    cukable (0.1.2.beta)
      cucumber
      diff-lcs
      json

GEM
  remote: http://rubygems.org/
  specs:
    actionmailer (2.3.5)
      actionpack (= 2.3.5)
    actionpack (2.3.5)
      activesupport (= 2.3.5)
      rack (~> 1.0.0)
    activerecord (2.3.5)
      activesupport (= 2.3.5)
    activeresource (2.3.5)
      activesupport (= 2.3.5)
    activesupport (2.3.5)
    builder (2.1.2)
    capybara (0.4.0)
      celerity (>= 0.7.9)
      culerity (>= 0.2.4)
      mime-types (>= 1.16)
      nokogiri (>= 1.3.3)
      rack (>= 1.0.0)
      rack-test (>= 0.5.4)
      selenium-webdriver (>= 0.0.27)
      xpath (~> 0.1.2)
    celerity (0.8.9)
    childprocess (0.1.9)
      ffi (~> 1.0.6)
    cucumber (0.8.5)
      builder (~> 2.1.2)
      diff-lcs (~> 1.1.2)
      gherkin (~> 2.1.4)
      json_pure (~> 1.4.3)
      term-ansicolor (~> 1.0.4)
    cucumber-rails (0.3.2)
      cucumber (>= 0.8.0)
    culerity (0.2.15)
    database_cleaner (0.6.7)
    diff-lcs (1.1.2)
    ffi (1.0.9)
    gherkin (2.1.5)
      trollop (~> 1.16.2)
    json (1.5.3)
    json_pure (1.4.6)
    mime-types (1.16)
    nokogiri (1.5.0)
    rack (1.0.1)
    rack-test (0.6.0)
      rack (>= 1.0)
    rails (2.3.5)
      actionmailer (= 2.3.5)
      actionpack (= 2.3.5)
      activerecord (= 2.3.5)
      activeresource (= 2.3.5)
      activesupport (= 2.3.5)
      rake (>= 0.8.3)
    rake (0.8.7)
    rubyzip (0.9.4)
    selenium-webdriver (0.2.2)
      childprocess (>= 0.1.9)
      ffi (>= 1.0.7)
      json_pure
      rubyzip
    sqlite3 (1.3.3)
    term-ansicolor (1.0.5)
    trollop (1.16.2)
    xpath (0.1.4)
      nokogiri (~> 1.3)

PLATFORMS
  ruby

DEPENDENCIES
  capybara (= 0.4.0)
  cucumber (= 0.8.5)
  cucumber-rails (= 0.3.2)
  cukable (= 0.1.2.beta)!
  database_cleaner
  rails (= 2.3.5)
  rake (= 0.8.7)
  sqlite3
